NUGET
  remote: https://nuget.org/api/v2
  specs:
    FAKE (3.36.0)
    FluentAssertions (3.4.1)
    FSharp.Core (3.1.2.5)
    xunit (2.0.0)
      xunit.assert (2.0.0)
      xunit.core (2.0.0)
    xunit.abstractions (2.0.0)
    xunit.assert (2.0.0)
    xunit.core (2.0.0)
      xunit.extensibility.core (2.0.0)
    xunit.extensibility.core (2.0.0)
      xunit.abstractions (2.0.0)
    xunit.runner.console (2.0.0)
    xunit.runner.visualstudio (2.0.1)
GITHUB
  remote: gsscoder/CSharpx
  specs:
    src/CSharpx/Either.cs (a80f9e85122184f364c0b5232dddc64dc3d4edcf)
    src/CSharpx/EnumerableExtensions.cs (a80f9e85122184f364c0b5232dddc64dc3d4edcf)
    src/CSharpx/Maybe.cs (a80f9e85122184f364c0b5232dddc64dc3d4edcf)